GEM
  remote: http://rubygems.org/
  specs:
    daemons (1.1.9)
    eventmachine (1.0.3)
    foreman (0.62.0)
      thor (>= 0.13.6)
    nabaztag_hack_kit (0.1.0.beta3)
      sinatra
    rack (1.5.2)
    rack-protection (1.4.0)
      rack
    rack-reverse-proxy (0.4.4)
      rack (>= 1.0.0)
    sinatra (1.3.5)
      rack (~> 1.4)
      rack-protection (~> 1.3)
      tilt (~> 1.3, >= 1.3.3)
    thin (1.5.0)
      daemons (>= 1.0.9)
      eventmachine (>= 0.12.6)
      rack (>= 1.0.0)
    thor (0.17.0)
    tilt (1.3.5)

PLATFORMS
  ruby

DEPENDENCIES
  foreman
  nabaztag_hack_kit (~> 0.1.0.beta)
  rack-reverse-proxy
  thin
