GEM
  remote: http://rubygems.org/
  specs:
    daemons (1.1.9)
    eventmachine (1.0.0)
    foreman (0.60.2)
      thor (>= 0.13.6)
    nabaztag_hack_kit (0.1.0.beta3)
      sinatra
    rack (1.4.3)
    rack-protection (1.3.2)
      rack
    rack-reverse-proxy (0.4.4)
      rack (>= 1.0.0)
    sinatra (1.3.3)
      rack (~> 1.3, >= 1.3.6)
      rack-protection (~> 1.2)
      tilt (~> 1.3, >= 1.3.3)
    thin (1.5.0)
      daemons (>= 1.0.9)
      eventmachine (>= 0.12.6)
      rack (>= 1.0.0)
    thor (0.16.0)
    tilt (1.3.3)

PLATFORMS
  ruby

DEPENDENCIES
  foreman
  nabaztag_hack_kit (~> 0.1.0.beta)
  rack-reverse-proxy
  thin
